GEM
  remote: http://rubygems.org/
  specs:
    albacore (2.2.0)
      map (~> 6.5)
      nokogiri (~> 1.5)
      rake (~> 10)
      semver2 (~> 3.4)
    map (6.5.5)
    mini_portile (0.6.0)
    minitest (5.4.3)
    nokogiri (1.6.3.1-x64-mingw32)
      mini_portile (= 0.6.0)
    nokogiri (1.6.3.1-x86-mingw32)
      mini_portile (= 0.6.0)
    rake (10.3.2)
    semver2 (3.4.0)

PLATFORMS
  x64-mingw32
  x86-mingw32

DEPENDENCIES
  albacore
  minitest
