GEM
  remote: http://rubygems.org/
  specs:
    albacore (2.3.18)
      map (~> 6.5)
      nokogiri (~> 1.5)
      rake (~> 10)
      semver2 (~> 3.4)
    map (6.5.5)
    mini_portile (0.6.2)
    nokogiri (1.6.6.2)
      mini_portile (~> 0.6.0)
    nokogiri (1.6.6.2-x64-mingw32)
      mini_portile (~> 0.6.0)
    nokogiri (1.6.6.2-x86-mingw32)
      mini_portile (~> 0.6.0)
    nuget (2.8.50126.400)
    nuget_helper (0.0.11)
      nuget (~> 2.8.50126.400)
    rake (10.4.2)
    semver2 (3.4.2)

PLATFORMS
  ruby
  x64-mingw32
  x86-mingw32

DEPENDENCIES
  albacore
  nuget_helper
