NUGET
  remote: http://api.nuget.org/v3/index.json
  specs:
    AutoFixture (3.21) - framework: >= net40
    AutoFixture.Xunit (3.21) - framework: >= net40
      AutoFixture (>= 3.21)
      xunit.extensions (>= 1.8.0.1549)
    FSharp.Core (4.0.0.1)
    xunit (1.8.0.1549) - framework: >= net40
    xunit.extensions (1.8.0.1549) - framework: >= net40
      xunit (>= 1.8.0.1549)
  remote: https://www.myget.org/F/wallymathieu/api/v2
  specs:
    MarkdownLog (0.9.4)
  remote: https://www.nuget.org/api/v2
  specs:
    NuGet.CommandLine (2.8.6)
    xunit.runners (1.9.2) - framework: >= net40
